PATH
  remote: .
  specs:
    ruby-imdb (0.7.3)
      chronic (>= 0.2.3)
      json (>= 1.4.3)
      mongo (>= 1.0.1)
      mongo_mapper (>= 0.7.5)
      nokogiri (>= 1.4.1)

GEM
  remote: https://rubygems.org/
  specs:
    activemodel (3.2.6)
      activesupport (= 3.2.6)
      builder (~> 3.0.0)
    activesupport (3.2.6)
      i18n (~> 0.6)
      multi_json (~> 1.0)
    bson (1.6.4)
    bson_ext (1.6.4)
      bson (~> 1.6.4)
    builder (3.0.0)
    chronic (0.6.7)
    coderay (1.0.5)
    cucumber (1.2.1)
      builder (>= 2.1.2)
      diff-lcs (>= 1.1.3)
      gherkin (~> 2.11.0)
      json (>= 1.4.6)
    diff-lcs (1.1.3)
    gherkin (2.11.1)
      json (>= 1.4.6)
    i18n (0.6.0)
    json (1.7.3)
    method_source (0.7.1)
    mongo (1.6.4)
      bson (~> 1.6.4)
    mongo_mapper (0.11.2)
      activemodel (~> 3.0)
      activesupport (~> 3.0)
      plucky (~> 0.5.1)
    multi_json (1.3.6)
    nokogiri (1.5.5)
    plucky (0.5.1)
      mongo (~> 1.5)
    pry (0.9.8.4)
      coderay (~> 1.0.5)
      method_source (~> 0.7.1)
      slop (>= 2.4.4, < 3)
    rspec (2.11.0)
      rspec-core (~> 2.11.0)
      rspec-expectations (~> 2.11.0)
      rspec-mocks (~> 2.11.0)
    rspec-core (2.11.1)
    rspec-expectations (2.11.1)
      diff-lcs (~> 1.1.3)
    rspec-mocks (2.11.1)
    slop (2.4.4)

PLATFORMS
  ruby

DEPENDENCIES
  bson_ext
  cucumber
  pry
  rspec
  ruby-imdb!
